GIT
  remote: git://github.com/rails/prototype_legacy_helper.git
  revision: a2cd95c3e3c1a4f7a9566efdab5ce59c886cb05f
  specs:
    prototype_legacy_helper (0.0.0)

GIT
  remote: git://github.com/thedarkone/rails-dev-boost.git
  revision: bf49caca6670a2dc26cef7b2b01819e2ed88387a
  specs:
    rails-dev-boost (0.3.0)
      railties (>= 3.0)

PATH
  remote: vendor/gems/riseuplabs-greencloth-0.1
  specs:
    greencloth (0.1)
      RedCloth (>= 4.2.2)

PATH
  remote: vendor/gems/riseuplabs-uglify_html-0.12
  specs:
    uglify_html (0.12)
      hpricot

PATH
  remote: vendor/gems/riseuplabs-undress-0.2.4
  specs:
    undress (0.2.4)
      hpricot

GEM
  remote: https://rubygems.org/
  specs:
    RedCloth (4.2.9)
    actionmailer (3.1.12)
      actionpack (= 3.1.12)
      mail (~> 2.4.4)
    actionpack (3.1.12)
      activemodel (= 3.1.12)
      activesupport (= 3.1.12)
      builder (~> 3.0.0)
      erubis (~> 2.7.0)
      i18n (~> 0.6)
      rack (~> 1.3.6)
      rack-cache (~> 1.2)
      rack-mount (~> 0.8.2)
      rack-test (~> 0.6.1)
      sprockets (~> 2.0.4)
    activemodel (3.1.12)
      activesupport (= 3.1.12)
      builder (~> 3.0.0)
      i18n (~> 0.6)
    activerecord (3.1.12)
      activemodel (= 3.1.12)
      activesupport (= 3.1.12)
      arel (~> 2.2.3)
      tzinfo (~> 0.3.29)
    activeresource (3.1.12)
      activemodel (= 3.1.12)
      activesupport (= 3.1.12)
    activesupport (3.1.12)
      multi_json (~> 1.0)
    arel (2.2.3)
    builder (3.0.4)
    capybara (2.4.1)
      mime-types (>= 1.16)
      nokogiri (>= 1.3.3)
      rack (>= 1.0.0)
      rack-test (>= 0.5.4)
      xpath (~> 2.0)
    chronic (0.10.2)
    columnize (0.8.9)
    daemons (1.1.9)
    debugger (1.6.8)
      columnize (>= 0.3.1)
      debugger-linecache (~> 1.2.0)
      debugger-ruby_core_source (~> 1.3.5)
    debugger-linecache (1.2.0)
    debugger-ruby_core_source (1.3.5)
    delayed_job (3.0.5)
      activesupport (~> 3.0)
    erubis (2.7.0)
    eventmachine (1.0.3)
    factory_girl (4.4.0)
      activesupport (>= 3.0.0)
    factory_girl_rails (4.4.1)
      factory_girl (~> 4.4.0)
      railties (>= 3.0.0)
    faker (1.0.1)
      i18n (~> 0.4)
    ffi (1.9.3)
    haml (4.0.5)
      tilt
    hike (1.2.3)
    hpricot (0.8.6)
    http_accept_language (2.0.1)
    i18n (0.6.11)
    innertube (1.0.2)
    jsmin (1.0.1)
    json (1.7.7)
    mail (2.4.4)
      i18n (>= 0.4.0)
      mime-types (~> 1.16)
      treetop (~> 1.4.8)
    metaclass (0.0.4)
    mime-types (1.25.1)
    mini_portile (0.6.0)
    minitest (2.12.1)
    mocha (0.12.10)
      metaclass (~> 0.0.1)
    multi_json (1.10.1)
    mysql2 (0.3.16)
    nokogiri (1.6.3.1)
      mini_portile (= 0.6.0)
    polyglot (0.3.5)
    prototype-rails (3.1.0)
      rails (~> 3.1)
    rack (1.3.10)
    rack-cache (1.2)
      rack (>= 0.4)
    rack-mount (0.8.3)
      rack (>= 1.0.0)
    rack-ssl (1.3.4)
      rack
    rack-test (0.6.2)
      rack (>= 1.0)
    rails (3.1.12)
      actionmailer (= 3.1.12)
      actionpack (= 3.1.12)
      activerecord (= 3.1.12)
      activeresource (= 3.1.12)
      activesupport (= 3.1.12)
      bundler (~> 1.0)
      railties (= 3.1.12)
    rails3_before_render (0.2.0)
    rails_legacy_mapper (1.1.0)
      actionpack (~> 3.1)
    railties (3.1.12)
      actionpack (= 3.1.12)
      activesupport (= 3.1.12)
      rack-ssl (~> 1.3.2)
      rake (>= 0.8.7)
      rdoc (~> 3.4)
      thor (~> 0.14.6)
    rake (0.9.6)
    rb-inotify (0.9.5)
      ffi (>= 0.5.0)
    rdoc (3.12.2)
      json (~> 1.4)
    riddle (1.5.11)
    rubyzip (1.1.6)
    sass (3.4.2)
    sprockets (2.0.4)
      hike (~> 1.2)
      rack (~> 1.0)
      tilt (~> 1.1, != 1.3.0)
    thin (1.6.2)
      daemons (>= 1.0.9)
      eventmachine (>= 1.0.0)
      rack (>= 1.0.0)
    thinking-sphinx (2.1.0)
      activerecord (>= 3.0.3)
      builder (>= 2.1.2)
      innertube (~> 1.0.2)
      riddle (>= 1.5.6)
    thor (0.14.6)
    tilt (1.4.1)
    treetop (1.4.15)
      polyglot
      polyglot (>= 0.3.1)
    tzinfo (0.3.41)
    whenever (0.9.2)
      activesupport (>= 2.3.4)
      chronic (>= 0.6.3)
    will_paginate (3.0.7)
    xpath (2.0.0)
      nokogiri (~> 1.3)
    zip-zip (0.3)
      rubyzip (>= 1.0.0)

PLATFORMS
  ruby

DEPENDENCIES
  RedCloth (~> 4.2)
  capybara
  debugger
  delayed_job (~> 3.0.5)
  factory_girl_rails
  faker (~> 1.0.0)
  greencloth!
  haml
  hpricot (~> 0.8)
  http_accept_language
  i18n (~> 0.6.11)
  jsmin
  json (~> 1.7.7)
  mime-types
  minitest (~> 2.12)
  mocha (~> 0.12.0)
  mysql2
  prototype-rails
  prototype_legacy_helper (= 0.0.0)!
  rails (~> 3.1.11)
  rails-dev-boost!
  rails3_before_render
  rails_legacy_mapper
  rake (~> 0.9.2)
  rb-inotify (~> 0.9)
  rdoc (~> 3.0)
  rubyzip (~> 1.1.0)
  sass
  sprockets
  thin
  thinking-sphinx (~> 2.1.0)
  uglify_html!
  undress!
  whenever
  will_paginate (~> 3.0)
  zip-zip
