GIT
  remote: git://github.com/rails/prototype_legacy_helper.git
  revision: a2cd95c3e3c1a4f7a9566efdab5ce59c886cb05f
  specs:
    prototype_legacy_helper (0.0.0)

GIT
  remote: git://github.com/rails/rails.git
  revision: 857c6ee62c0582273d76e7b21b1eb295359eb837
  branch: 3-0-stable
  specs:
    actionmailer (3.0.20)
      actionpack (= 3.0.20)
      mail (~> 2.2.19)
    actionpack (3.0.20)
      activemodel (= 3.0.20)
      activesupport (= 3.0.20)
      builder (~> 2.1.2)
      erubis (~> 2.6.6)
      i18n (~> 0.5.0)
      rack (~> 1.2.5)
      rack-mount (~> 0.6.14)
      rack-test (~> 0.5.7)
      tzinfo (~> 0.3.23)
    activemodel (3.0.20)
      activesupport (= 3.0.20)
      builder (~> 2.1.2)
      i18n (~> 0.5.0)
    activerecord (3.0.20)
      activemodel (= 3.0.20)
      activesupport (= 3.0.20)
      arel (~> 2.0.10)
      tzinfo (~> 0.3.23)
    activeresource (3.0.20)
      activemodel (= 3.0.20)
      activesupport (= 3.0.20)
    activesupport (3.0.20)
    rails (3.0.20)
      actionmailer (= 3.0.20)
      actionpack (= 3.0.20)
      activerecord (= 3.0.20)
      activeresource (= 3.0.20)
      activesupport (= 3.0.20)
      bundler (~> 1.0)
      railties (= 3.0.20)
    railties (3.0.20)
      actionpack (= 3.0.20)
      activesupport (= 3.0.20)
      rake (>= 0.8.7)
      rdoc (~> 3.4)
      thor (~> 0.14.4)

GIT
  remote: git://github.com/thedarkone/rails-dev-boost.git
  revision: 1e0cc0e1a3f6e51820b908d7de1f3e160ec2af0d
  specs:
    rails-dev-boost (0.2.1)
      listen (>= 0.5)
      railties (>= 3.0)

PATH
  remote: vendor/gems/riseuplabs-greencloth-0.1
  specs:
    greencloth (0.1)
      RedCloth (>= 4.2.2)

PATH
  remote: vendor/gems/riseuplabs-uglify_html-0.12
  specs:
    uglify_html (0.12)
      hpricot

PATH
  remote: vendor/gems/riseuplabs-undress-0.2.4
  specs:
    undress (0.2.4)
      hpricot

GEM
  remote: https://rubygems.org/
  specs:
    RedCloth (4.2.9)
    abstract (1.0.0)
    arel (2.0.10)
    better_errors (1.1.0)
      coderay (>= 1.0.0)
      erubis (>= 2.6.6)
    binding_of_caller (0.7.2)
      debug_inspector (>= 0.0.1)
    builder (2.1.2)
    capybara (2.2.0)
      mime-types (>= 1.16)
      nokogiri (>= 1.3.3)
      rack (>= 1.0.0)
      rack-test (>= 0.5.4)
      xpath (~> 2.0)
    celluloid (0.15.2)
      timers (~> 1.1.0)
    celluloid-io (0.15.0)
      celluloid (>= 0.15.0)
      nio4r (>= 0.5.0)
    chronic (0.10.2)
    coderay (1.1.0)
    columnize (0.3.6)
    daemons (1.1.9)
    debug_inspector (0.0.2)
    debugger (1.6.5)
      columnize (>= 0.3.1)
      debugger-linecache (~> 1.2.0)
      debugger-ruby_core_source (~> 1.3.1)
    debugger-linecache (1.2.0)
    debugger-ruby_core_source (1.3.1)
    delayed_job (3.0.5)
      activesupport (~> 3.0)
    erubis (2.6.6)
      abstract (>= 1.0.0)
    eventmachine (1.0.3)
    factory_girl (4.4.0)
      activesupport (>= 3.0.0)
    factory_girl_rails (4.4.0)
      factory_girl (~> 4.4.0)
      railties (>= 3.0.0)
    faker (1.0.1)
      i18n (~> 0.4)
    ffi (1.9.3)
    haml (4.0.5)
      tilt
    hike (1.2.3)
    hpricot (0.8.6)
    i18n (0.5.0)
    innertube (1.0.2)
    jsmin (1.0.1)
    json (1.7.7)
    listen (2.5.0)
      celluloid (>= 0.15.2)
      celluloid-io (>= 0.15.0)
      rb-fsevent (>= 0.9.3)
      rb-inotify (>= 0.9)
    mail (2.2.20)
      activesupport (>= 2.3.6)
      i18n (>= 0.4.0)
      mime-types (~> 1.16)
      treetop (~> 1.4.8)
    metaclass (0.0.3)
    mime-types (1.25.1)
    mini_portile (0.5.2)
    minitest (2.12.1)
    mocha (0.12.10)
      metaclass (~> 0.0.1)
    multi_json (1.8.4)
    mysql2 (0.2.22)
    nio4r (1.0.0)
    nokogiri (1.6.1)
      mini_portile (~> 0.5.0)
    polyglot (0.3.4)
    rack (1.2.8)
    rack-mount (0.6.14)
      rack (>= 1.0.0)
    rack-test (0.5.7)
      rack (>= 1.0)
    rails3_before_render (0.2.0)
    rake (0.9.6)
    rb-fsevent (0.9.4)
    rb-inotify (0.9.3)
      ffi (>= 0.5.0)
    rdoc (3.12.2)
      json (~> 1.4)
    riddle (1.5.10)
    rubyzip (1.1.0)
    sass (3.2.14)
    sprockets (2.11.0)
      hike (~> 1.2)
      multi_json (~> 1.0)
      rack (~> 1.0)
      tilt (~> 1.1, != 1.3.0)
    thin (1.6.1)
      daemons (>= 1.0.9)
      eventmachine (>= 1.0.0)
      rack (>= 1.0.0)
    thinking-sphinx (2.1.0)
      activerecord (>= 3.0.3)
      builder (>= 2.1.2)
      innertube (~> 1.0.2)
      riddle (>= 1.5.6)
    thor (0.14.6)
    tilt (1.4.1)
    timers (1.1.0)
    treetop (1.4.15)
      polyglot
      polyglot (>= 0.3.1)
    tzinfo (0.3.38)
    whenever (0.9.0)
      activesupport (>= 2.3.4)
      chronic (>= 0.6.3)
    will_paginate (3.0.5)
    xpath (2.0.0)
      nokogiri (~> 1.3)
    zip-zip (0.2)
      rubyzip (>= 1.0.0)

PLATFORMS
  ruby

DEPENDENCIES
  RedCloth (~> 4.2)
  better_errors
  binding_of_caller
  capybara
  debugger
  delayed_job (~> 3.0.5)
  factory_girl_rails
  faker (~> 1.0.0)
  greencloth!
  haml
  hpricot (~> 0.8)
  i18n (= 0.5.0)
  jsmin
  json (~> 1.7.7)
  mime-types
  minitest (~> 2.12)
  mocha (~> 0.12.0)
  mysql2 (~> 0.2.18)
  prototype_legacy_helper (= 0.0.0)!
  rails (~> 3.0.20)!
  rails-dev-boost!
  rails3_before_render
  rake (~> 0.9.2)
  rb-inotify (~> 0.9)
  rdoc (~> 3.0)
  rubyzip (~> 1.1.0)
  sass
  sprockets (~> 2.2)
  thin
  thinking-sphinx (~> 2.1.0)
  uglify_html!
  undress!
  whenever
  will_paginate (~> 3.0)
  zip-zip
